PATH
  remote: .
  specs:
    cfn-vpn (1.2.0)
      aws-sdk-acm (~> 1, < 2)
      aws-sdk-cloudformation (~> 1, < 2)
      aws-sdk-ec2 (~> 1.95, < 2)
      aws-sdk-s3 (~> 1, < 2)
      aws-sdk-ssm (~> 1, < 2)
      cfndsl (~> 1, < 2)
      netaddr (= 2.0.4)
      rubyzip (~> 2.3)
      terminal-table (~> 1, < 2)
      thor (~> 0.20)

GEM
  remote: https://rubygems.org/
  specs:
    aws-eventstream (1.1.1)
    aws-partitions (1.432.0)
    aws-sdk-acm (1.39.0)
      aws-sdk-core (~> 3, >= 3.112.0)
      aws-sigv4 (~> 1.1)
    aws-sdk-cloudformation (1.49.0)
      aws-sdk-core (~> 3, >= 3.112.0)
      aws-sigv4 (~> 1.1)
    aws-sdk-core (3.113.0)
      aws-eventstream (~> 1, >= 1.0.2)
      aws-partitions (~> 1, >= 1.239.0)
      aws-sigv4 (~> 1.1)
      jmespath (~> 1.0)
    aws-sdk-ec2 (1.220.0)
      aws-sdk-core (~> 3, >= 3.109.0)
      aws-sigv4 (~> 1.1)
    aws-sdk-kms (1.43.0)
      aws-sdk-core (~> 3, >= 3.112.0)
      aws-sigv4 (~> 1.1)
    aws-sdk-s3 (1.91.0)
      aws-sdk-core (~> 3, >= 3.112.0)
      aws-sdk-kms (~> 1)
      aws-sigv4 (~> 1.1)
    aws-sdk-ssm (1.104.0)
      aws-sdk-core (~> 3, >= 3.112.0)
      aws-sigv4 (~> 1.1)
    aws-sigv4 (1.2.3)
      aws-eventstream (~> 1, >= 1.0.2)
    cfndsl (1.3.1)
      hana (~> 1.3)
    hana (1.3.7)
    jmespath (1.4.0)
    netaddr (2.0.4)
    rake (13.0.1)
    rubyzip (2.3.0)
    terminal-table (1.8.0)
      unicode-display_width (~> 1.1, >= 1.1.1)
    thor (0.20.3)
    unicode-display_width (1.7.0)

PLATFORMS
  ruby

DEPENDENCIES
  bundler (~> 2.0)
  cfn-vpn!
  rake (~> 13.0)

BUNDLED WITH
   2.1.4
