PATH
  remote: .
  specs:
    cfn-vpn (0.5.0)
      aws-sdk-acm (~> 1, < 2)
      aws-sdk-cloudformation (~> 1, < 2)
      aws-sdk-ec2 (~> 1.95, < 2)
      aws-sdk-s3 (~> 1, < 2)
      cfhighlander (~> 0.9, < 1)
      netaddr (= 2.0.4)
      terminal-table (~> 1, < 2)
      thor (~> 0.20)

GEM
  remote: https://rubygems.org/
  specs:
    addressable (2.8.1)
      public_suffix (>= 2.0.2, < 6.0)
    aws-eventstream (1.2.0)
    aws-partitions (1.707.0)
    aws-sdk-acm (1.55.0)
      aws-sdk-core (~> 3, >= 3.165.0)
      aws-sigv4 (~> 1.1)
    aws-sdk-cloudformation (1.76.0)
      aws-sdk-core (~> 3, >= 3.165.0)
      aws-sigv4 (~> 1.1)
    aws-sdk-core (3.170.0)
      aws-eventstream (~> 1, >= 1.0.2)
      aws-partitions (~> 1, >= 1.651.0)
      aws-sigv4 (~> 1.5)
      jmespath (~> 1, >= 1.6.1)
    aws-sdk-ec2 (1.364.0)
      aws-sdk-core (~> 3, >= 3.165.0)
      aws-sigv4 (~> 1.1)
    aws-sdk-kms (1.62.0)
      aws-sdk-core (~> 3, >= 3.165.0)
      aws-sigv4 (~> 1.1)
    aws-sdk-s3 (1.119.0)
      aws-sdk-core (~> 3, >= 3.165.0)
      aws-sdk-kms (~> 1)
      aws-sigv4 (~> 1.4)
    aws-sigv4 (1.5.2)
      aws-eventstream (~> 1, >= 1.0.2)
    cfhighlander (0.12.8)
      aws-sdk-cloudformation (~> 1, < 2)
      aws-sdk-core (~> 3, < 4)
      aws-sdk-ec2 (~> 1, < 2)
      aws-sdk-s3 (~> 1, < 2)
      cfndsl (~> 1.3, < 2)
      duplicate (~> 1.1)
      git (~> 1.4, < 2)
      highline (>= 1.7.10, < 1.8)
      rubyzip (>= 2.0.0, < 3)
      thor (~> 0.20, < 1)
    cfndsl (1.6.0)
      hana (~> 1.3)
    duplicate (1.1.1)
    git (1.13.2)
      addressable (~> 2.8)
      rchardet (~> 1.8)
    hana (1.3.7)
    highline (1.7.10)
    jmespath (1.6.2)
    netaddr (2.0.4)
    public_suffix (5.0.1)
    rake (10.5.0)
    rchardet (1.8.0)
    rubyzip (2.3.2)
    terminal-table (1.8.0)
      unicode-display_width (~> 1.1, >= 1.1.1)
    thor (0.20.3)
    unicode-display_width (1.8.0)

PLATFORMS
  ruby

DEPENDENCIES
  bundler (~> 2.0)
  cfn-vpn!
  rake (~> 10.0)

BUNDLED WITH
   2.3.13
