PATH
  remote: .
  specs:
    cfn-vpn (1.5.0)
      aws-sdk-acm (~> 1, < 2)
      aws-sdk-cloudformation (~> 1, < 2)
      aws-sdk-ec2 (~> 1.95, < 2)
      aws-sdk-s3 (~> 1, < 2)
      aws-sdk-ssm (~> 1, < 2)
      cfndsl (~> 1, < 2)
      netaddr (= 2.0.4)
      rubyzip (~> 2.3)
      terminal-table (~> 1, < 2)
      thor (~> 0.20)

GEM
  remote: https://rubygems.org/
  specs:
    aws-eventstream (1.2.0)
    aws-partitions (1.658.0)
    aws-sdk-acm (1.54.0)
      aws-sdk-core (~> 3, >= 3.165.0)
      aws-sigv4 (~> 1.1)
    aws-sdk-cloudformation (1.72.0)
      aws-sdk-core (~> 3, >= 3.165.0)
      aws-sigv4 (~> 1.1)
    aws-sdk-core (3.166.0)
      aws-eventstream (~> 1, >= 1.0.2)
      aws-partitions (~> 1, >= 1.651.0)
      aws-sigv4 (~> 1.5)
      jmespath (~> 1, >= 1.6.1)
    aws-sdk-ec2 (1.347.0)
      aws-sdk-core (~> 3, >= 3.165.0)
      aws-sigv4 (~> 1.1)
    aws-sdk-kms (1.59.0)
      aws-sdk-core (~> 3, >= 3.165.0)
      aws-sigv4 (~> 1.1)
    aws-sdk-s3 (1.117.1)
      aws-sdk-core (~> 3, >= 3.165.0)
      aws-sdk-kms (~> 1)
      aws-sigv4 (~> 1.4)
    aws-sdk-ssm (1.144.0)
      aws-sdk-core (~> 3, >= 3.165.0)
      aws-sigv4 (~> 1.1)
    aws-sigv4 (1.5.2)
      aws-eventstream (~> 1, >= 1.0.2)
    cfndsl (1.4.0)
      hana (~> 1.3)
    hana (1.3.7)
    jmespath (1.6.1)
    netaddr (2.0.4)
    rake (13.0.6)
    rubyzip (2.3.2)
    terminal-table (1.8.0)
      unicode-display_width (~> 1.1, >= 1.1.1)
    thor (0.20.3)
    unicode-display_width (1.8.0)

PLATFORMS
  x86_64-darwin-20

DEPENDENCIES
  bundler (~> 2.0)
  cfn-vpn!
  rake (~> 13.0)

BUNDLED WITH
   2.3.13
